GIT
  remote: git://github.com/sinatra/sinatra.git
  revision: 93d6e1f35a9b96242224bd227f5728800934b2a1
  specs:
    sinatra (1.2.0)
      rack (~> 1.1)
      tilt (>= 1.2.2, < 2.0)

GEM
  remote: http://rubygems.org/
  specs:
    ZenTest (4.5.0)
    activesupport (2.3.5)
    addressable (2.2.4)
    autotest (4.4.6)
      ZenTest (>= 4.4.1)
    autotest-fsevent (0.2.5)
      sys-uname
    autotest-growl (0.2.9)
    builder (3.0.0)
    chardet (0.9.0)
    cucumber (0.10.0)
      builder (>= 2.1.2)
      diff-lcs (~> 1.1.2)
      gherkin (~> 2.3.2)
      json (~> 1.4.6)
      term-ansicolor (~> 1.0.5)
    data_objects (0.10.3)
      addressable (~> 2.1)
    datamapper (1.0.2)
      dm-aggregates (= 1.0.2)
      dm-constraints (= 1.0.2)
      dm-core (= 1.0.2)
      dm-migrations (= 1.0.2)
      dm-serializer (= 1.0.2)
      dm-timestamps (= 1.0.2)
      dm-transactions (= 1.0.2)
      dm-types (= 1.0.2)
      dm-validations (= 1.0.2)
    diff-lcs (1.1.2)
    dm-aggregates (1.0.2)
      dm-core (~> 1.0.2)
    dm-constraints (1.0.2)
      dm-core (~> 1.0.2)
      dm-migrations (~> 1.0.2)
    dm-core (1.0.2)
      addressable (~> 2.2)
      extlib (~> 0.9.15)
    dm-do-adapter (1.0.2)
      data_objects (~> 0.10.2)
      dm-core (~> 1.0.2)
    dm-factory_girl (1.2.3)
    dm-migrations (1.0.2)
      dm-core (~> 1.0.2)
    dm-mysql-adapter (1.0.2)
      dm-do-adapter (~> 1.0.2)
      do_mysql (~> 0.10.2)
    dm-serializer (1.0.2)
      dm-core (~> 1.0.2)
      fastercsv (~> 1.5.3)
      json_pure (~> 1.4)
    dm-timestamps (1.0.2)
      dm-core (~> 1.0.2)
    dm-transactions (1.0.2)
      dm-core (~> 1.0.2)
    dm-types (1.0.2)
      dm-core (~> 1.0.2)
      fastercsv (~> 1.5.3)
      json_pure (~> 1.4)
      stringex (~> 1.1.0)
      uuidtools (~> 2.1.1)
    dm-validations (1.0.2)
      dm-core (~> 1.0.2)
    do_mysql (0.10.3)
      data_objects (= 0.10.3)
    extlib (0.9.15)
    fastercsv (1.5.4)
    gherkin (2.3.4)
      json (~> 1.4.6)
    hpricot (0.8.4)
    json (1.4.6)
    json_pure (1.5.1)
    kgio (1.3.1)
    mysql (2.8.1)
    rack (1.2.1)
    rack-test (0.5.7)
      rack (>= 1.0)
    racksh (0.9.8)
      rack (>= 1.0)
      rack-test (>= 0.5)
    rcov (0.9.9)
    rspec (2.5.0)
      rspec-core (~> 2.5.0)
      rspec-expectations (~> 2.5.0)
      rspec-mocks (~> 2.5.0)
    rspec-core (2.5.1)
    rspec-expectations (2.5.0)
      diff-lcs (~> 1.1.2)
    rspec-mocks (2.5.0)
    stringex (1.1.0)
    sys-uname (0.8.5)
    term-ansicolor (1.0.5)
    tilt (1.2.2)
    unicorn (2.0.1)
      kgio (~> 1.3.1)
      rack
    uuidtools (2.1.2)
    yard (0.5.4)

PLATFORMS
  ruby

DEPENDENCIES
  activesupport (= 2.3.5)
  autotest
  autotest-fsevent
  autotest-growl
  chardet
  cucumber (~> 0.10)
  data_objects (= 0.10.3)
  datamapper (= 1.0.2)
  dm-aggregates (= 1.0.2)
  dm-core (= 1.0.2)
  dm-factory_girl (= 1.2.3)
  dm-migrations (= 1.0.2)
  dm-mysql-adapter (= 1.0.2)
  dm-serializer (= 1.0.2)
  dm-timestamps (= 1.0.2)
  dm-types (= 1.0.2)
  dm-validations (= 1.0.2)
  do_mysql (= 0.10.3)
  hpricot
  mysql
  rack
  rack-test
  racksh
  rcov
  rspec (~> 2.0)
  sinatra!
  unicorn (~> 2.0.1)
  yard (= 0.5.4)
